GEM
  remote: https://rubygems.org/
  specs:
    rake (13.0.3)
    redis (4.2.5)

PLATFORMS
  x86_64-linux

DEPENDENCIES
  rake
  redis

RUBY VERSION
   ruby 3.0.0p0

BUNDLED WITH
   2.2.3
